GEM
  remote: https://rubygems.org/
  specs:
    realrand (2.0.2)

PLATFORMS
  ruby

DEPENDENCIES
  realrand

RUBY VERSION
   ruby 2.3.1p112

BUNDLED WITH
   1.12.3
